PATH
  remote: .
  specs:
    roda-auth (0.1.0)
      bcrypt (~> 3)
      omniauth (~> 1)
      roda (~> 2)
      warden (~> 1.2)

GEM
  remote: https://rubygems.org/
  specs:
    bcrypt (3.1.10)
    faraday (0.9.1)
      multipart-post (>= 1.2, < 3)
    hashie (3.4.1)
    json (1.8.2)
    jwt (1.5.0)
    minitest (5.5.0)
    multi_json (1.11.0)
    multi_xml (0.5.5)
    multipart-post (2.0.0)
    oauth (0.4.7)
    oauth2 (1.0.0)
      faraday (>= 0.8, < 0.10)
      jwt (~> 1.0)
      multi_json (~> 1.3)
      multi_xml (~> 0.5)
      rack (~> 1.2)
    omniauth (1.2.2)
      hashie (>= 1.2, < 4)
      rack (~> 1.0)
    omniauth-facebook (2.0.1)
      omniauth-oauth2 (~> 1.2)
    omniauth-oauth (1.1.0)
      oauth
      omniauth (~> 1.0)
    omniauth-oauth2 (1.3.0)
      oauth2 (~> 1.0)
      omniauth (~> 1.2)
    omniauth-twitter (1.2.0)
      json (~> 1.3)
      omniauth-oauth (~> 1.1)
    rack (1.6.0)
    rack-test (0.6.2)
      rack (>= 1.0)
    rake (10.4.2)
    roda (2.3.0)
      rack
    warden (1.2.3)
      rack (>= 1.0)

PLATFORMS
  ruby

DEPENDENCIES
  minitest (~> 5.5)
  omniauth-facebook
  omniauth-twitter
  rack-test (~> 0.6)
  rake (~> 10)
  roda-auth!
